PATH
  remote: .
  specs:
    net-protocol (0.2.1)
      timeout

GEM
  remote: https://rubygems.org/
  specs:
    power_assert (1.2.0)
    rake (13.0.6)
    test-unit (3.3.7)
      power_assert
    timeout (0.3.1)

PLATFORMS
  x86_64-darwin-22

DEPENDENCIES
  net-protocol!
  rake
  test-unit

BUNDLED WITH
   2.2.3
